GEM
  remote: https://rubygems.org/
  specs:
    thor (0.20.3)
    vps_cli (0.1.8)
      thor (~> 0.20)

PLATFORMS
  ruby

DEPENDENCIES
  vps_cli (~> 0.1.8)

BUNDLED WITH
   2.0.1
