GEM
  remote: https://rubygems.org/
  specs:
    thor (0.20.3)
    vps_cli (0.1.13)
      thor (~> 0.20)

PLATFORMS
  ruby

DEPENDENCIES
  vps_cli

BUNDLED WITH
   2.0.1
